GEM
  remote: https://rubygems.org/
  specs:
    benchmark-ips (2.8.4)
    ruby-prof (1.4.2)

PLATFORMS
  ruby

DEPENDENCIES
  benchmark-ips
  ruby-prof

BUNDLED WITH
   2.1.4
