GEM
  remote: http://rubygems.org/
  specs:
    docker-api (2.0.0)
      excon (>= 0.47.0)
      multi_json
    excon (0.78.1)
    multi_json (1.15.0)

PLATFORMS
  ruby

DEPENDENCIES
  docker-api

BUNDLED WITH
   2.1.4
